GEM
  remote: http://rubygems.org/
  specs:
    addressable (2.2.6)
    data_objects (0.10.7)
      addressable (~> 2.1)
    dm-aggregates (1.2.0)
      dm-core (~> 1.2.0)
    dm-core (1.2.0)
      addressable (~> 2.2.6)
    dm-do-adapter (1.2.0)
      data_objects (~> 0.10.6)
      dm-core (~> 1.2.0)
    dm-migrations (1.2.0)
      dm-core (~> 1.2.0)
    dm-postgres-adapter (1.2.0)
      dm-do-adapter (~> 1.2.0)
      do_postgres (~> 0.10.6)
    dm-serializer (1.2.1)
      dm-core (~> 1.2.0)
      fastercsv (~> 1.5.4)
      json (~> 1.6.1)
      json_pure (~> 1.6.1)
      multi_json (~> 1.0.3)
    dm-sqlite-adapter (1.2.0)
      dm-do-adapter (~> 1.2.0)
      do_sqlite3 (~> 0.10.6)
    dm-validations (1.2.0)
      dm-core (~> 1.2.0)
    do_postgres (0.10.7)
      data_objects (= 0.10.7)
    do_sqlite3 (0.10.7)
      data_objects (= 0.10.7)
    fastercsv (1.5.4)
    haml (3.1.3)
    json (1.6.1)
    json_pure (1.6.1)
    multi_json (1.0.3)
    rack (1.3.5)
    rack-flash (0.1.2)
      rack
    rack-protection (1.1.4)
      rack
    sinatra (1.3.1)
      rack (~> 1.3, >= 1.3.4)
      rack-protection (~> 1.1, >= 1.1.2)
      tilt (~> 1.3, >= 1.3.3)
    sinatra-redirect-with-flash (0.1.2)
      rack-flash (>= 0.1.1)
      sinatra (>= 0.9.1)
    tilt (1.3.3)

PLATFORMS
  ruby

DEPENDENCIES
  dm-aggregates
  dm-core
  dm-migrations
  dm-postgres-adapter
  dm-serializer
  dm-sqlite-adapter
  dm-validations
  fastercsv
  haml
  sinatra
  sinatra-redirect-with-flash
